GEM
  remote: https://rubygems.org/
  specs:
    pg (1.1.4)
    rake (12.3.3)
    sequel (5.20.0)

PLATFORMS
  ruby

DEPENDENCIES
  pg
  rake
  sequel

BUNDLED WITH
   2.0.1
