GIT
  remote: https://github.com/izetex/digest-sha3-ruby
  revision: c266a32868b95349f39a61395ff8c78f98951410
  specs:
    digest-sha3 (1.1.0)

GEM
  remote: https://rubygems.org/
  specs:
    activesupport (7.0.3.1)
      concurrent-ruby (~> 1.0, >= 1.0.2)
      i18n (>= 1.6, < 2)
      minitest (>= 5.1)
      tzinfo (~> 2.0)
    concurrent-ruby (1.1.10)
    ethereum.rb (2.2)
      activesupport (>= 4.0)
      digest-sha3 (~> 1.1)
    i18n (1.12.0)
      concurrent-ruby (~> 1.0)
    minitest (5.16.2)
    rake (12.3.2)
    tzinfo (2.0.5)
      concurrent-ruby (~> 1.0)

PLATFORMS
  ruby

DEPENDENCIES
  digest-sha3!
  ethereum.rb
  rake

BUNDLED WITH
   2.0.1
